GEM
  remote: https://rubygems.org/
  specs:
    ast (2.4.2)
    diff-lcs (1.5.0)
    erubi (1.12.0)
    json (2.6.3)
    language_server-protocol (3.17.0.3)
    minitest (5.18.0)
    netrc (0.11.0)
    parallel (1.23.0)
    parser (3.2.2.3)
      ast (~> 2.4.1)
      racc
    prettier_print (1.2.1)
    racc (1.7.1)
    rainbow (3.1.1)
    rake (13.0.6)
    rbi (0.0.17)
      ast
      parser (>= 3.0.0)
      sorbet-runtime (>= 0.5.9204)
      unparser (>= 0.5.6)
    regexp_parser (2.7.0)
    rexml (3.2.5)
    rubocop (1.48.1)
      json (~> 2.3)
      parallel (~> 1.10)
      parser (>= 3.2.0.0)
      rainbow (>= 2.2.2, < 4.0)
      regexp_parser (>= 1.8, < 3.0)
      rexml (>= 3.2.5, < 4.0)
      rubocop-ast (>= 1.26.0, < 2.0)
      ruby-progressbar (~> 1.7)
      unicode-display_width (>= 2.4.0, < 3.0)
    rubocop-ast (1.28.0)
      parser (>= 3.2.1.0)
    rubocop-performance (1.16.0)
      rubocop (>= 1.7.0, < 2.0)
      rubocop-ast (>= 0.4.0)
    ruby-progressbar (1.13.0)
    sorbet (0.5.10908)
      sorbet-static (= 0.5.10908)
    sorbet-runtime (0.5.10908)
    sorbet-static (0.5.10908-x86_64-linux)
    sorbet-static-and-runtime (0.5.10908)
      sorbet (= 0.5.10908)
      sorbet-runtime (= 0.5.10908)
    spoom (1.2.2)
      erubi (>= 1.10.0)
      sorbet (>= 0.5.10187)
      sorbet-runtime (>= 0.5.9204)
      syntax_tree (>= 6.1.1)
      thor (>= 0.19.2)
    standard (1.26.0)
      language_server-protocol (~> 3.17.0.2)
      rubocop (~> 1.48.1)
      rubocop-performance (~> 1.16.0)
    syntax_tree (6.1.1)
      prettier_print (>= 1.2.0)
    tapioca (0.11.8)
      bundler (>= 2.2.25)
      netrc (>= 0.11.0)
      parallel (>= 1.21.0)
      rbi (~> 0.0.0, >= 0.0.16)
      sorbet-static-and-runtime (>= 0.5.10187)
      spoom (~> 1.2.0, >= 1.2.0)
      thor (>= 1.2.0)
      yard-sorbet
    thor (1.2.2)
    unicode-display_width (2.4.2)
    unparser (0.6.8)
      diff-lcs (~> 1.3)
      parser (>= 3.2.0)
    yard (0.9.34)
    yard-sorbet (0.8.1)
      sorbet-runtime (>= 0.5)
      yard (>= 0.9)

PLATFORMS
  x86_64-linux

DEPENDENCIES
  minitest
  rake
  sorbet
  sorbet-runtime
  standard
  tapioca

BUNDLED WITH
   2.3.17
